GIT
  remote: http://github.com/tpeden/sinatra-static-assets.git
  revision: 55383a063200ae133c2830c550da71d07cff7e0e
  specs:
    sinatra-static-assets (0.5.1)
      rack (>= 1.0.0)
      sinatra (>= 0.9.1)

GEM
  remote: http://rubygems.org/
  specs:
    haml (3.0.25)
    json (1.5.1)
    rack (1.2.2)
    sinatra (1.1.2)
      rack (~> 1.1)
      tilt (~> 1.2)
    sinatra-content-for2 (0.2.4)
      sinatra
    tilt (1.2.2)

PLATFORMS
  ruby

DEPENDENCIES
  haml
  json
  sinatra (= 1.1.2)
  sinatra-content-for2
  sinatra-static-assets!
